PATH
  remote: .
  specs:
    langchainrb (0.15.4)
      baran (~> 0.1.9)
      json-schema (~> 4)
      matrix
      pragmatic_segmenter (~> 0.3.0)
      rainbow (~> 3.1.0)
      zeitwerk (~> 2.5)

GEM
  remote: https://rubygems.org/
  specs:
    Ascii85 (1.1.1)
    actionpack (7.1.3.3)
      actionview (= 7.1.3.3)
      activesupport (= 7.1.3.3)
      nokogiri (>= 1.8.5)
      racc
      rack (>= 2.2.4)
      rack-session (>= 1.0.1)
      rack-test (>= 0.6.3)
      rails-dom-testing (~> 2.2)
      rails-html-sanitizer (~> 1.6)
    actionview (7.1.3.3)
      activesupport (= 7.1.3.3)
      builder (~> 3.1)
      erubi (~> 1.11)
      rails-dom-testing (~> 2.2)
      rails-html-sanitizer (~> 1.6)
    activesupport (7.1.3.3)
      base64
      bigdecimal
      concurrent-ruby (~> 1.0, >= 1.0.2)
      connection_pool (>= 2.2.5)
      drb
      i18n (>= 1.6, < 2)
      minitest (>= 5.1)
      mutex_m
      tzinfo (~> 2.0)
    addressable (2.8.6)
      public_suffix (>= 2.0.2, < 6.0)
    afm (0.2.2)
    ai21 (0.2.1)
    anthropic (0.3.0)
      event_stream_parser (>= 0.3.0, < 2.0.0)
      faraday (>= 1)
      faraday-multipart (>= 1)
    ast (2.4.2)
    aws-eventstream (1.3.0)
    aws-partitions (1.937.0)
    aws-sdk-bedrockruntime (1.9.0)
      aws-sdk-core (~> 3, >= 3.193.0)
      aws-sigv4 (~> 1.1)
    aws-sdk-core (3.196.1)
      aws-eventstream (~> 1, >= 1.3.0)
      aws-partitions (~> 1, >= 1.651.0)
      aws-sigv4 (~> 1.8)
      jmespath (~> 1, >= 1.6.1)
    aws-sigv4 (1.8.0)
      aws-eventstream (~> 1, >= 1.0.2)
    baran (0.1.12)
    base64 (0.2.0)
    bigdecimal (3.1.8)
    builder (3.2.4)
    byebug (11.1.3)
    childprocess (5.0.0)
    chroma-db (0.6.0)
      dry-monads (~> 1.6)
      ruby-next (>= 0.15.0)
    coderay (1.1.3)
    cohere-ruby (0.9.10)
      faraday (>= 2.0.1, < 3.0)
    concurrent-ruby (1.3.1)
    connection_pool (2.4.1)
    crack (1.0.0)
      bigdecimal
      rexml
    crass (1.0.6)
    date (3.3.4)
    diff-lcs (1.5.1)
    docx (0.8.0)
      nokogiri (~> 1.13, >= 1.13.0)
      rubyzip (~> 2.0)
    dotenv (2.7.6)
    dotenv-rails (2.7.6)
      dotenv (= 2.7.6)
      railties (>= 3.2)
    drb (2.2.1)
    dry-configurable (1.1.0)
      dry-core (~> 1.0, < 2)
      zeitwerk (~> 2.6)
    dry-core (1.0.1)
      concurrent-ruby (~> 1.0)
      zeitwerk (~> 2.6)
    dry-inflector (1.0.0)
    dry-initializer (3.1.1)
    dry-logic (1.5.0)
      concurrent-ruby (~> 1.0)
      dry-core (~> 1.0, < 2)
      zeitwerk (~> 2.6)
    dry-monads (1.6.0)
      concurrent-ruby (~> 1.0)
      dry-core (~> 1.0, < 2)
      zeitwerk (~> 2.6)
    dry-schema (1.13.4)
      concurrent-ruby (~> 1.0)
      dry-configurable (~> 1.0, >= 1.0.1)
      dry-core (~> 1.0, < 2)
      dry-initializer (~> 3.0)
      dry-logic (>= 1.4, < 2)
      dry-types (>= 1.7, < 2)
      zeitwerk (~> 2.6)
    dry-struct (1.6.0)
      dry-core (~> 1.0, < 2)
      dry-types (>= 1.7, < 2)
      ice_nine (~> 0.11)
      zeitwerk (~> 2.6)
    dry-types (1.7.2)
      bigdecimal (~> 3.0)
      concurrent-ruby (~> 1.0)
      dry-core (~> 1.0)
      dry-inflector (~> 1.0)
      dry-logic (~> 1.4)
      zeitwerk (~> 2.6)
    dry-validation (1.10.0)
      concurrent-ruby (~> 1.0)
      dry-core (~> 1.0, < 2)
      dry-initializer (~> 3.0)
      dry-schema (>= 1.12, < 2)
      zeitwerk (~> 2.6)
    elastic-transport (8.3.2)
      faraday (< 3)
      multi_json
    elasticsearch (8.2.2)
      elastic-transport (~> 8.0)
      elasticsearch-api (= 8.2.2)
    elasticsearch-api (8.2.2)
      multi_json
    epsilla-ruby (0.0.4)
      faraday (>= 1)
    eqn (1.6.5)
      treetop (>= 1.2.0)
    erubi (1.12.0)
    ethon (0.16.0)
      ffi (>= 1.15.0)
    event_stream_parser (1.0.0)
    faraday (2.9.0)
      faraday-net_http (>= 2.0, < 3.2)
    faraday-multipart (1.0.4)
      multipart-post (~> 2)
    faraday-net_http (3.1.0)
      net-http
    faraday-retry (2.2.1)
      faraday (~> 2.0)
    faraday-typhoeus (1.1.0)
      faraday (~> 2.0)
      typhoeus (~> 1.4)
    ffi (1.16.3)
    google-cloud-env (2.1.1)
      faraday (>= 1.0, < 3.a)
    google_palm_api (0.1.3)
      faraday (>= 2.0.1, < 3.0)
    google_search_results (2.0.1)
    googleauth (1.11.0)
      faraday (>= 1.0, < 3.a)
      google-cloud-env (~> 2.1)
      jwt (>= 1.4, < 3.0)
      multi_json (~> 1.11)
      os (>= 0.9, < 2.0)
      signet (>= 0.16, < 2.a)
    graphlient (0.7.0)
      faraday (~> 2.0)
      graphql-client
    graphql (2.3.4)
      base64
    graphql-client (0.22.0)
      activesupport (>= 3.0)
      graphql (>= 1.13.0)
    hashdiff (1.1.0)
    hashery (2.1.2)
    hnswlib (0.8.1)
    httparty (0.21.0)
      mini_mime (>= 1.0.0)
      multi_xml (>= 0.5.2)
    hugging-face (0.3.5)
      faraday (>= 1.0)
    i18n (1.14.5)
      concurrent-ruby (~> 1.0)
    ice_nine (0.11.2)
    io-console (0.7.2)
    irb (1.13.1)
      rdoc (>= 4.0.0)
      reline (>= 0.4.2)
    jmespath (1.6.2)
    json (2.7.2)
    json-schema (4.3.0)
      addressable (>= 2.8)
    jwt (2.8.1)
      base64
    language_server-protocol (3.17.0.3)
    lint_roller (1.1.0)
    llama_cpp (0.9.5)
    loofah (2.22.0)
      crass (~> 1.0.2)
      nokogiri (>= 1.12.0)
    mail (2.8.1)
      mini_mime (>= 0.1.1)
      net-imap
      net-pop
      net-smtp
    matrix (0.4.2)
    method_source (1.1.0)
    milvus (0.9.3)
      faraday (>= 2.0.1, < 3)
    mini_mime (1.1.5)
    mini_portile2 (2.8.6)
    minitest (5.23.1)
    mistral-ai (1.2.0)
      event_stream_parser (~> 1.0)
      faraday (~> 2.9)
      faraday-typhoeus (~> 1.1)
    multi_json (1.15.0)
    multi_xml (0.7.1)
      bigdecimal (~> 3.1)
    multipart-post (2.4.1)
    mutex_m (0.2.0)
    net-http (0.4.1)
      uri
    net-imap (0.4.11)
      date
      net-protocol
    net-pop (0.1.2)
      net-protocol
    net-protocol (0.2.2)
      timeout
    net-smtp (0.5.0)
      net-protocol
    nokogiri (1.16.5)
      mini_portile2 (~> 2.8.2)
      racc (~> 1.4)
    nokogiri (1.16.5-aarch64-linux)
      racc (~> 1.4)
    nokogiri (1.16.5-arm-linux)
      racc (~> 1.4)
    nokogiri (1.16.5-arm64-darwin)
      racc (~> 1.4)
    nokogiri (1.16.5-x86_64-darwin)
      racc (~> 1.4)
    nokogiri (1.16.5-x86_64-linux)
      racc (~> 1.4)
    os (1.1.4)
    paco (0.2.3)
    parallel (1.25.1)
    parser (3.3.3.0)
      ast (~> 2.4.1)
      racc
    pdf-reader (2.12.0)
      Ascii85 (~> 1.0)
      afm (~> 0.2.1)
      hashery (~> 2.0)
      ruby-rc4
      ttfunk
    pg (1.5.6)
    pgvector (0.2.2)
    pinecone (0.1.71)
      dry-struct (~> 1.6.0)
      dry-validation (~> 1.10.0)
      httparty (~> 0.21.0)
    polyglot (0.3.5)
    power_point_pptx (0.1.0)
      nokogiri (~> 1.13, >= 1.13.0)
      rubyzip (~> 2.0)
    pragmatic_segmenter (0.3.23)
      unicode
    pry (0.14.2)
      coderay (~> 1.1)
      method_source (~> 1.0)
    pry-byebug (3.10.1)
      byebug (~> 11.0)
      pry (>= 0.13, < 0.15)
    psych (5.1.2)
      stringio
    public_suffix (5.0.5)
    qdrant-ruby (0.9.7)
      faraday (>= 2.0.1, < 3)
    racc (1.8.0)
    rack (3.0.11)
    rack-session (2.0.0)
      rack (>= 3.0.0)
    rack-test (2.1.0)
      rack (>= 1.3)
    rackup (2.1.0)
      rack (>= 3)
      webrick (~> 1.8)
    rails-dom-testing (2.2.0)
      activesupport (>= 5.0.0)
      minitest
      nokogiri (>= 1.6)
    rails-html-sanitizer (1.6.0)
      loofah (~> 2.21)
      nokogiri (~> 1.14)
    railties (7.1.3.3)
      actionpack (= 7.1.3.3)
      activesupport (= 7.1.3.3)
      irb
      rackup (>= 1.0.0)
      rake (>= 12.2)
      thor (~> 1.0, >= 1.2.2)
      zeitwerk (~> 2.6)
    rainbow (3.1.1)
    rake (13.2.1)
    rdiscount (2.2.7.3)
    rdoc (6.7.0)
      psych (>= 4.0.0)
    regexp_parser (2.9.2)
    reline (0.5.8)
      io-console (~> 0.5)
    replicate-ruby (0.2.3)
      addressable
      faraday (>= 1.0)
      faraday-multipart
      faraday-retry
    require-hooks (0.2.2)
    rexml (3.3.6)
      strscan
    roo (2.10.1)
      nokogiri (~> 1)
      rubyzip (>= 1.3.0, < 3.0.0)
    roo-xls (1.2.0)
      nokogiri
      roo (>= 2.0.0, < 3)
      spreadsheet (> 0.9.0)
    rspec (3.13.0)
      rspec-core (~> 3.13.0)
      rspec-expectations (~> 3.13.0)
      rspec-mocks (~> 3.13.0)
    rspec-core (3.13.0)
      rspec-support (~> 3.13.0)
    rspec-expectations (3.13.0)
      diff-lcs (>= 1.2.0, < 2.0)
      rspec-support (~> 3.13.0)
    rspec-mocks (3.13.1)
      diff-lcs (>= 1.2.0, < 2.0)
      rspec-support (~> 3.13.0)
    rspec-support (3.13.1)
    rubocop (1.64.1)
      json (~> 2.3)
      language_server-protocol (>= 3.17.0)
      parallel (~> 1.10)
      parser (>= 3.3.0.2)
      rainbow (>= 2.2.2, < 4.0)
      regexp_parser (>= 1.8, < 3.0)
      rexml (>= 3.2.5, < 4.0)
      rubocop-ast (>= 1.31.1, < 2.0)
      ruby-progressbar (~> 1.7)
      unicode-display_width (>= 2.4.0, < 3.0)
    rubocop-ast (1.31.3)
      parser (>= 3.3.1.0)
    rubocop-performance (1.21.1)
      rubocop (>= 1.48.1, < 2.0)
      rubocop-ast (>= 1.31.1, < 2.0)
    ruby-next (1.0.3)
      paco (~> 0.2)
      require-hooks (~> 0.2)
      ruby-next-core (= 1.0.3)
      ruby-next-parser (>= 3.2.2.0)
      unparser (~> 0.6.0)
    ruby-next-core (1.0.3)
    ruby-next-parser (3.2.2.0)
      parser (>= 3.0.3.1)
    ruby-ole (1.2.13.1)
    ruby-openai (7.1.0)
      event_stream_parser (>= 0.3.0, < 2.0.0)
      faraday (>= 1)
      faraday-multipart (>= 1)
    ruby-progressbar (1.13.0)
    ruby-rc4 (0.1.5)
    rubyzip (2.3.2)
    safe_ruby (1.0.4)
      childprocess (>= 0.3.9)
    sequel (5.68.0)
    signet (0.19.0)
      addressable (~> 2.8)
      faraday (>= 0.17.5, < 3.a)
      jwt (>= 1.5, < 3.0)
      multi_json (~> 1.10)
    spreadsheet (1.3.1)
      bigdecimal
      ruby-ole
    standard (1.39.1)
      language_server-protocol (~> 3.17.0.2)
      lint_roller (~> 1.0)
      rubocop (~> 1.64.0)
      standard-custom (~> 1.0.0)
      standard-performance (~> 1.4)
    standard-custom (1.0.2)
      lint_roller (~> 1.0)
      rubocop (~> 1.50)
    standard-performance (1.4.0)
      lint_roller (~> 1.1)
      rubocop-performance (~> 1.21.0)
    stringio (3.1.0)
    strscan (3.1.0)
    thor (1.3.1)
    timeout (0.4.1)
    treetop (1.6.12)
      polyglot (~> 0.3)
    ttfunk (1.8.0)
      bigdecimal (~> 3.1)
    typhoeus (1.4.1)
      ethon (>= 0.9.0)
    tzinfo (2.0.6)
      concurrent-ruby (~> 1.0)
    unicode (0.4.4.5)
    unicode-display_width (2.5.0)
    unparser (0.6.13)
      diff-lcs (~> 1.3)
      parser (>= 3.3.0)
    uri (0.13.0)
    vcr (6.2.0)
    weaviate-ruby (0.8.10)
      faraday (>= 2.0.1, < 3.0)
      graphlient (~> 0.7.0)
    webmock (3.23.1)
      addressable (>= 2.8.0)
      crack (>= 0.3.2)
      hashdiff (>= 0.4.0, < 2.0.0)
    webrick (1.8.1)
    wikipedia-client (1.17.0)
      addressable (~> 2.7)
    yard (0.9.36)
    zeitwerk (2.6.15)

PLATFORMS
  aarch64-linux
  arm-linux
  arm64-darwin
  ruby
  x86_64-darwin
  x86_64-linux
  x86_64-linux-musl

DEPENDENCIES
  ai21 (~> 0.2.1)
  anthropic (~> 0.3)
  aws-sdk-bedrockruntime (~> 1.1)
  chroma-db (~> 0.6.0)
  cohere-ruby (~> 0.9.10)
  docx (~> 0.8.0)
  dotenv-rails (~> 2.7.6)
  elasticsearch (~> 8.2.0)
  epsilla-ruby (~> 0.0.4)
  eqn (~> 1.6.5)
  faraday
  google_palm_api (~> 0.1.3)
  google_search_results (~> 2.0.0)
  googleauth
  hnswlib (~> 0.8.1)
  hugging-face (~> 0.3.4)
  langchainrb!
  llama_cpp (~> 0.9.4)
  mail (~> 2.8)
  milvus (~> 0.9.3)
  mistral-ai
  nokogiri (~> 1.13)
  pdf-reader (~> 2.0)
  pg (~> 1.5)
  pgvector (~> 0.2.1)
  pinecone (~> 0.1.6)
  power_point_pptx (~> 0.1.0)
  pry-byebug (~> 3.10.0)
  qdrant-ruby (~> 0.9.4)
  rake (~> 13.0)
  rdiscount (~> 2.2.7)
  replicate-ruby (~> 0.2.2)
  roo (~> 2.10.0)
  roo-xls (~> 1.2.0)
  rspec (~> 3.0)
  rubocop
  ruby-openai (~> 7.1.0)
  safe_ruby (~> 1.0.4)
  sequel (~> 5.68.0)
  standard (>= 1.35.1)
  vcr
  weaviate-ruby (~> 0.8.10)
  webmock
  wikipedia-client (~> 1.17.0)
  yard (~> 0.9.34)

BUNDLED WITH
   2.5.11
